GIT
  remote: git@github.com:dollarshaveclub/active_merchant.git
  revision: 0b9216a1ea92707d126fe9e3f394846c39a36ec1
  branch: master
  specs:
    activemerchant (1.34.1)
      active_utils (~> 2.2.3)
      activesupport (>= 2.3.14)
      builder (>= 2.0.0)
      i18n
      json (>= 1.5.1)
      money
      nokogiri (< 1.7.0)

GEM
  remote: https://rubygems.org/
  specs:
    active_utils (2.2.3)
      activesupport (>= 2.3.11)
      i18n
    activesupport (4.0.13)
      i18n (~> 0.6, >= 0.6.9)
      minitest (~> 4.2)
      multi_json (~> 1.3)
      thread_safe (~> 0.1)
      tzinfo (~> 0.3.37)
    braintree (2.72.0)
      builder (>= 2.0.0)
    builder (3.2.3)
    i18n (0.7.0)
    json (2.0.3)
    mini_portile2 (2.1.0)
    minitest (4.7.5)
    money (6.8.1)
      i18n (>= 0.6.4, <= 0.7.0)
      sixarm_ruby_unaccent (>= 1.1.1, < 2)
    multi_json (1.12.1)
    nokogiri (1.6.8.1)
      mini_portile2 (~> 2.1.0)
    sixarm_ruby_unaccent (1.1.1)
    thread_safe (0.3.5)
    tzinfo (0.3.52)

PLATFORMS
  ruby

DEPENDENCIES
  active_utils (~> 2.2.3)
  activemerchant!
  activesupport (~> 4.0.0)
  braintree

BUNDLED WITH
   1.12.5
